GEM
  remote: https://rubygems.org/
  specs:
    activemodel (7.0.4)
      activesupport (= 7.0.4)
    activerecord (7.0.4)
      activemodel (= 7.0.4)
      activesupport (= 7.0.4)
    activerecord-cockroachdb-adapter (7.0.0)
      activerecord (~> 7.0.3)
      pg (~> 1.2)
      rgeo-activerecord (~> 7.0.0)
    activesupport (7.0.4)
      concurrent-ruby (~> 1.0, >= 1.0.2)
      i18n (>= 1.6, < 2)
      minitest (>= 5.1)
      tzinfo (~> 2.0)
    bcrypt (3.1.16)
    concurrent-ruby (1.1.10)
    i18n (1.12.0)
      concurrent-ruby (~> 1.0)
    minitest (5.16.3)
    nio4r (2.5.7)
    pg (1.4.4)
    puma (5.4.0)
      nio4r (~> 2.0)
    rack (1.6.13)
    rack-protection (1.5.5)
      rack
    rake (13.0.6)
    rgeo (2.4.0)
    rgeo-activerecord (7.0.1)
      activerecord (>= 5.0)
      rgeo (>= 1.0.0)
    sinatra (1.4.8)
      rack (~> 1.5)
      rack-protection (~> 1.4)
      tilt (>= 1.3, < 3)
    sinatra-activerecord (2.0.26)
      activerecord (>= 4.1)
      sinatra (>= 1.0)
    sinatra-flash (0.3.0)
      sinatra (>= 1.0.0)
    sinatra-redirect-with-flash (0.2.1)
      sinatra (>= 1.0.0)
    sqlite3 (1.4.4)
    tilt (2.0.10)
    tzinfo (2.0.5)
      concurrent-ruby (~> 1.0)

PLATFORMS
  arm64-darwin-20
  arm64-darwin-21
  x86_64-linux

DEPENDENCIES
  activerecord-cockroachdb-adapter
  bcrypt
  puma
  rake
  sinatra (= 1.4.8)
  sinatra-activerecord
  sinatra-flash
  sinatra-redirect-with-flash
  sqlite3

RUBY VERSION
   ruby 2.7.4p191

BUNDLED WITH
   2.2.26
